GEM
  remote: https://rubygems.org/
  specs:
    oauth (0.5.4)
    parallel (1.12.1)

PLATFORMS
  ruby

DEPENDENCIES
  oauth!
  parallel!

BUNDLED WITH
   1.16.1
